GEM
  remote: https://rubygems.org/
  specs:
    base_app (1.0.5)
    colorize (0.5.8)
    json (1.7.7)

PLATFORMS
  ruby

DEPENDENCIES
  base_app
  colorize
  json
